GIT
  remote: git://github.com/CalculatedContent/qless.git
  revision: 1254ad784ec2b6f6e235c9b219cb8c9fd23bf23b
  specs:
    qless (0.9.2)
      redis (>= 3.0.0)
      sinatra (>= 1.3.2)
      thin
      vegas (>= 0.1.11)

GIT
  remote: git://github.com/CalculatedContent/redis-caches.git
  revision: cadef06e726b379862b9b815948b45e8a03e55b2
  specs:
    redis-caches (0.1)
      hiredis (~> 0.4.5)
      redis (>= 3.0.3)
      redis-namespace (>= 1.2.1)

GIT
  remote: git://github.com/CalculatedContent/sourcify.git
  revision: 5767bd2a0c09315e623f1e96d3d3274657e4fcc1
  specs:
    sourcify (0.6.0.rc3)
      file-tail (~> 1.0.10)
      ruby2ruby (~> 1.3.1)
      ruby_parser (~> 2.3.1)
      sexp_processor (~> 3.2.0)

PATH
  remote: .
  specs:
    cloud-crawler (0.1)
      active_support (~> 3.0.0)
      bloomfilter-rb (>= 2.1.1)
      bson_ext (>= 1.3.1)
      hiredis (~> 0.4.5)
      i18n (>= 0.6.4)
      iconv (>= 1.0.3)
      nokogiri (>= 1.5.6)
      redis (>= 3.0.3)
      redis-namespace (>= 1.2.1)
      robotex (>= 1.0.0)
      thin
      trollop
      webrick (~> 1.3.1)

GEM
  remote: http://rubygems.org/
  specs:
    active_support (3.0.0)
      activesupport (= 3.0.0)
    activesupport (3.0.0)
    bloomfilter-rb (2.1.1)
      redis
    bson (1.9.2)
    bson_ext (1.9.2)
      bson (~> 1.9.2)
    builder (3.2.2)
    chronic (0.10.0)
    daemons (1.1.9)
    diff-lcs (1.2.4)
    eventmachine (1.0.3)
    excon (0.25.3)
    fakeweb (1.3.0)
    file-tail (1.0.12)
      tins (~> 0.5)
    fog (1.15.0)
      builder
      excon (~> 0.25.0)
      formatador (~> 0.2.0)
      mime-types
      multi_json (~> 1.0)
      net-scp (~> 1.1)
      net-ssh (>= 2.1.3)
      nokogiri (~> 1.5)
      ruby-hmac
    formatador (0.2.4)
    hiredis (0.4.5)
    i18n (0.6.5)
    iconv (1.0.3)
    mime-types (1.24)
    mini_portile (0.5.1)
    multi_json (1.7.9)
    net-scp (1.1.2)
      net-ssh (>= 2.6.5)
    net-ssh (2.6.8)
    nokogiri (1.6.0)
      mini_portile (~> 0.5.0)
    rack (1.5.2)
    rack-protection (1.5.0)
      rack
    rake (10.1.0)
    redis (3.0.4)
    redis-namespace (1.3.1)
      redis (~> 3.0.0)
    robotex (1.0.0)
    rspec (2.14.1)
      rspec-core (~> 2.14.0)
      rspec-expectations (~> 2.14.0)
      rspec-mocks (~> 2.14.0)
    rspec-core (2.14.5)
    rspec-expectations (2.14.2)
      diff-lcs (>= 1.1.3, < 2.0)
    rspec-mocks (2.14.3)
    ruby-hmac (0.4.0)
    ruby2ruby (1.3.1)
      ruby_parser (~> 2.0)
      sexp_processor (~> 3.0)
    ruby_parser (2.3.1)
      sexp_processor (~> 3.0)
    sexp_processor (3.2.0)
    sinatra (1.4.3)
      rack (~> 1.4)
      rack-protection (~> 1.4)
      tilt (~> 1.3, >= 1.3.4)
    thin (1.5.1)
      daemons (>= 1.0.9)
      eventmachine (>= 0.12.6)
      rack (>= 1.0.0)
    tilt (1.4.1)
    tins (0.9.0)
    trollop (2.0)
    vegas (0.1.11)
      rack (>= 1.0.0)
    webrick (1.3.1)
    whenever (0.8.4)
      activesupport (>= 2.3.4)
      chronic (>= 0.6.3)

PLATFORMS
  ruby

DEPENDENCIES
  cloud-crawler!
  fakeweb (>= 1.3.0)
  fog
  qless!
  rake (>= 10.0.0)
  redis-caches!
  rspec (>= 2.12.0)
  sourcify!
  whenever
