GIT
  remote: git://github.com/CalculatedContent/qless.git
  revision: 1254ad784ec2b6f6e235c9b219cb8c9fd23bf23b
  specs:
    qless (0.9.2)
      redis (>= 3.0.0)
      sinatra (>= 1.3.2)
      thin
      vegas (>= 0.1.11)

GIT
  remote: git://github.com/CalculatedContent/redis-caches.git
  revision: f150ca5dc5fc562ec8e7b0fd9d6cda574f950e00
  specs:
    redis-caches (0.1)
      hiredis (~> 0.4.5)
      redis (>= 3.0.3)
      redis-namespace (>= 1.2.1)

GIT
  remote: git://github.com/CalculatedContent/sourcify.git
  revision: 5767bd2a0c09315e623f1e96d3d3274657e4fcc1
  specs:
    sourcify (0.6.0.rc3)
      file-tail (~> 1.0.10)
      ruby2ruby (~> 1.3.1)
      ruby_parser (~> 2.3.1)
      sexp_processor (~> 3.2.0)

PATH
  remote: .
  specs:
    cloud-crawler (0.1)
      active_support (~> 3.0.0)
      bloomfilter-rb (>= 2.1.1)
      bson_ext (>= 1.3.1)
      hiredis (~> 0.4.5)
      i18n (>= 0.6.4)
      iconv (>= 1.0.3)
      nokogiri (>= 1.5.6)
      redis (>= 3.0.3)
      redis-namespace (>= 1.2.1)
      robotex (>= 1.0.0)
      thin
      trollop
      webrick (~> 1.3.1)

GEM
  remote: http://rubygems.org/
  specs:
    active_support (3.0.0)
      activesupport (= 3.0.0)
    activesupport (3.0.0)
    bloomfilter-rb (2.1.1)
      redis
    bson (1.8.5)
    bson_ext (1.8.5)
      bson (~> 1.8.5)
    daemons (1.1.9)
    diff-lcs (1.2.4)
    eventmachine (1.0.3)
    fakeweb (1.3.0)
    file-tail (1.0.12)
      tins (~> 0.5)
    hiredis (0.4.5)
    i18n (0.6.4)
    iconv (1.0.3)
    nokogiri (1.5.9)
    rack (1.5.2)
    rack-protection (1.5.0)
      rack
    rake (10.0.4)
    redis (3.0.4)
    redis-namespace (1.3.0)
      redis (~> 3.0.0)
    robotex (1.0.0)
    rspec (2.13.0)
      rspec-core (~> 2.13.0)
      rspec-expectations (~> 2.13.0)
      rspec-mocks (~> 2.13.0)
    rspec-core (2.13.1)
    rspec-expectations (2.13.0)
      diff-lcs (>= 1.1.3, < 2.0)
    rspec-mocks (2.13.1)
    ruby2ruby (1.3.1)
      ruby_parser (~> 2.0)
      sexp_processor (~> 3.0)
    ruby_parser (2.3.1)
      sexp_processor (~> 3.0)
    sexp_processor (3.2.0)
    sinatra (1.4.2)
      rack (~> 1.5, >= 1.5.2)
      rack-protection (~> 1.4)
      tilt (~> 1.3, >= 1.3.4)
    thin (1.5.1)
      daemons (>= 1.0.9)
      eventmachine (>= 0.12.6)
      rack (>= 1.0.0)
    tilt (1.4.0)
    tins (0.7.4)
    trollop (2.0)
    vegas (0.1.11)
      rack (>= 1.0.0)
    webrick (1.3.1)

PLATFORMS
  ruby

DEPENDENCIES
  cloud-crawler!
  fakeweb (>= 1.3.0)
  qless!
  rake (>= 10.0.0)
  redis-caches!
  rspec (>= 2.12.0)
  sourcify!
